GEM
  remote: https://rubygems.org/
  specs:
    awesome_print (1.9.2)
    coderay (1.1.3)
    dotenv (2.7.6)
    ethon (0.13.0)
      ffi (>= 1.15.0)
    ffi (1.15.0)
    json (2.5.1)
    method_source (1.0.0)
    pry (0.14.1)
      coderay (~> 1.1)
      method_source (~> 1.0)
    typhoeus (1.4.0)
      ethon (>= 0.9.0)

PLATFORMS
  ruby

DEPENDENCIES
  awesome_print
  dotenv
  json
  pry
  typhoeus

BUNDLED WITH
   2.1.2
